PATH
  remote: .
  specs:
    gegene (1.1.0)

GEM
  remote: https://rubygems.org/
  specs:
    diff-lcs (1.2.4)
    multi_json (1.8.2)
    rspec (2.14.1)
      rspec-core (~> 2.14.0)
      rspec-expectations (~> 2.14.0)
      rspec-mocks (~> 2.14.0)
    rspec-core (2.14.6)
    rspec-expectations (2.14.3)
      diff-lcs (>= 1.1.3, < 2.0)
    rspec-mocks (2.14.4)
    simplecov (0.7.1)
      multi_json (~> 1.0)
      simplecov-html (~> 0.7.1)
    simplecov-html (0.7.1)

PLATFORMS
  ruby

DEPENDENCIES
  gegene!
  rspec
  rspec-mocks
  simplecov
